##TITLE=  XMASS Parameter file
##JCAMPDX=  5.0
##DATATYPE=  CONTINUOUS MASS SPECTRUM
##ORIGIN=  XMASS, Bruker-Daltonics (USA) and Bruker-Daltonik (GER)
##OWNER=  TOF User
##SPECTROMETER/DATASYSTEM=  Bruker Flex Series
##.SPECTROMETER TYPE=  TOF
##.INLET=  DIRECT
##.IONIZATION MODE=  LD+
##$ACQMID= 0 
##$ACQVSMA= 3 
##$ACQVSMI= 0 
##$ADC= 1 
##$ANT= no 
##$AQOP_m= 1 
##$AQ_mod= 6 
##$ATTEN= -40 
##$AccE= 20000 
##$AccE_is= 0 
##$AppTyp= 0 
##$BYTORDA= 0 
##$CIDOn= no 
##$CTOF= 0 
##$Calmet= 0 
##$CapEnt= -4000 
##$CapExit= 0 
##$CapHtr= 0 
##$Corona= 0 
##$Cycle= 100 
##$Cyl= 0 
##$DATE= 0 
##$DCOff1= 0 
##$DComp= no 
##$DE= 625 
##$DEFLON= no 
##$DELAY= 25241 
##$DIGTYP= 5 
##$DPCAL1= 0 
##$DPMASS= 0 
##$DR_end= 6 
##$DR_set= 12 
##$DR_strt= 12 
##$DS= 0 
##$DTATYPE= 0 
##$DW= 1 
##$DataTyp= 2 
##$DeflOff= 30 
##$DigTrig= 100 
##$DryFlow= 0 
##$DrySW= 0 
##$DryTemp= 150 
##$EOSTime= 0.92799997 
##$EndP= -3500 
##$Enhance= no 
##$EsiMode= 0 
##$Extract= 0 
##$FASTON= yes 
##$FOV= 20 
##$FPCAL1= 428.388688 
##$FPCAL2= 6443543.974523 
##$FPCAL3= 0.016012 
##$FPMASS= 2466.7 
##$FPON= no 
##$FPSHIFT= 0 
##$FW= 2500 
##$Flatlin= no 
##$FpWinHi= 5.7935252 
##$FpWinLo= 5.7935252 
##$GDEDLY= 0 
##$GDEON= yes 
##$GDETime= 0 
##$GSpotId= 0 
##$GSpotno= 0 
##$Gate= 100 
##$HITURBO= no 
##$HPCML3= 0 
##$HPClBHi= 0 
##$HPClBLo= 0 
##$HPClOrd= 0 
##$HPClUse= yes 
##$Hpcgc0= 0 
##$Hpcgc2= 0 
##$IS2BNDV= 0 
##$ISD= no 
##$InstTyp= 2 
##$LASP= 1 
##$LBNDVAL= 0 
##$LINDIS= 0 
##$LLNSBND= no 
##$LasFoc= 15 
##$LftHV1= 0 
##$LftHV2= 0 
##$Lift1= 19 
##$Lift2= 3.4 
##$MC2= 4 
##$ML1= 0 
##$ML1_raw= 0 
##$ML2= 0 
##$ML2_raw= 0 
##$ML3= 0 
##$ML3_raw= 0 
##$MW_low= 15 
##$MapMode= 0 
##$Masserr= 1000 
##$NBL= 1 
##$NC= 0 
##$NS= 16 
##$NSdigit= 1 
##$NebFlow= 0 
##$NebSW= 0 
##$NebTemp= 30 
##$NoSHOTS= 500 
##$OFFSET= 1000 
##$PAPS= 0 
##$PIEDLY= 0 
##$POLARI= 1 
##$PR= 1 
##$PULSER= 10 
##$PULSREP= 10000 
##$Parent= 1287.45 
##$RBNDVAL= 0 
##$REPHZ= 66.666664 
##$RFAmp= 600 
##$RFFreq= 5 
##$RG= 1 
##$RLNSBND= no 
##$Ref2= 13.8 
##$RefFull= 0 
##$ReflE= 0 
##$Repel= 20 
##$RunDId= 0 
##$RunId= 0 
##$SF= 0 
##$SFO1= 0 
##$SPType= 2 
##$SW= 0 
##$SW_p= 100 
##$SampId= 0 
##$Sens1= 50 
##$Sens2= 0 
##$Skim1= 20 
##$SumShot= 0 
##$Sync= 1 
##$TD= 39396 
##$TIB= 5 
##$TLft= 17597 
##$TLftCor= 0 
##$TLift= 544 
##$TPLMS= 25440 
##$TargId= 0 
##$TgCount= 0 
##$Trans= 100 
##$Trap= 45 
##$UDeflL= 0 
##$UGrid= 0 
##$UIS2BND= no 
##$ULensR= 0 
##$UPAcc= 0 
##$URepel= 9000 
##$Udefl= 0 
##$UdetL= 0 
##$UdetR= 1.936 
##$Uhim= 0 
##$Uhimass= 0 
##$Uis1= 8 
##$Uis2= 7.25 
##$Ulens= 3.75 
##$Uref_is= 0 
##$Urefl= 29.5 
##$XLens= -50 
##$YMAX_a= 4203 
##$YMIN_a= 0 
##$ACQMETH= <F:\test.lft> 
##$AQ_DATE= <2008-06-30T15:34:02.660-05:00> 
##$AUNM= <> 
##$AXMeth= <AER_080629_LIFT_LCMALDI_600 anchor> 
##$Aoffs= (0..5) 
25 25 25 25 25 25 
##$CALME= (0..15) 
0 0 0 0 0 0 0 0 
0 0 0 0 0 0 0 0 
##$CALMR= (0..15) 
0 0 0 0 0 0 0 0 
0 0 0 0 0 0 0 0 
##$CALNAM1= <> 
##$CALNAM2= <> 
##$CALNAM3= <> 
##$CALNAM4= <> 
##$CALNAM5= <> 
##$CALNAM6= <> 
##$CALNAM7= <> 
##$CHIPNO= <0> 
##$CMT1= <LC MALDI, 100 fmol on 8 cm 3 um C18 column bomb loaded> 
##$CMT2= <> 
##$CMT3= <> 
##$CMT4= <> 
##$D= (0..31) 
0 0 0 0 0 0 0 0 
0 0 0 0 0 0 0 0 
0 0 0 0 0 0 0 0 
0 0 0 0 0 0 0 0 
##$DOMNAME= <> 
##$Doffs= (0..5) 
127 127 127 127 127 127 
##$FAMeth= <Hans_MS_MS_SNAP_LIFT method.FALIFTMethod> 
##$FASTCal= <> 
##$FCVer= <flexControl 3.0.99.0> 
##$GEOFILE= <> 
##$Gelcode= <> 
##$HPCStr= <> 
##$HPCal= (0..31) 
0 0 0 0 0 0 0 0 
0 0 0 0 0 0 0 0 
0 0 0 0 0 0 0 0 
0 0 0 0 0 0 0 0 
##$ID_raw= <432ABE0B-08C1-49EB-B654-AD01210BF64C> 
##$IN= (0..31) 
0.001 0.001 0.001 0.001 0.001 0.001 0.001 0.001 
0.001 0.001 0.001 0.001 0.001 0.001 0.001 0.001 
0.001 0.001 0.001 0.001 0.001 0.001 0.001 0.001 
0.001 0.001 0.001 0.001 0.001 0.001 0.001 0.001 
##$INSTRUM= <ULTRAFLEXII> 
##$InstrID= <35002.00010> 
##$LIFTC= (0..2) 
612.380334 4469812.432012 0.007 
##$MOTPOS= <(-104085.0,-9065.0)> 
##$Mctrlst= <> 
##$NTBCal= <V3.0CCalibrator 10 1 0 0 -2147483648 2147483647  V1.0CHPCData  Order 0 vCoeff V1.0VectorDouble 0  c2 0 c0 0 minMass 0 maxMass 0 bUse 0 endCHPCData V1.0CLift2CalibrationConstants V3.0CTOFCalibrationConstants 25240.999999999996 0.99999999999999989 0 0 0 2 8 V1.0CCalibPolynomial V1.0VectorDouble 7 -251.94604091243315 1239.4679321307053 3.3692283445467983 -0.57352568580555718 0.026954658230011599 -0.0006330326051747423 6.1864040661375021e-006  757.39916000000005 8.3707825201709785 27.52088588690415  V1.0CCalibPolynomial V1.0VectorDouble 7 -252.75499847389761 1238.5089720270962 3.1250449706570915 -0.46067458351645496 0.019672722410202542 -0.00042148484068973627 3.7266885765483169e-006  1046.5418 8.3707825201709785 32.350298298470136  V1.0CCalibPolynomial V1.0VectorDouble 7 -244.73871858207016 1237.9761740001786 2.7719509866449199 -0.36678464017994145 0.013902795386849728 -0.0002626589108516584 2.0461598553020936e-006  1296.68478 8.3707825201709785 36.009509577332487  V1.0CCalibPolynomial V1.0VectorDouble 7 -242.35028135711715 1243.0632591098033 1.1466074823428793 -0.18804439204723181 0.0052025437493039162 -6.4299745536714939e-005 3.179181489830741e-007  1347.73543 8.3707825201709785 36.711516313004559  V1.0CCalibPolynomial V1.0VectorDouble 7 -226.15939170382495 1238.0210452438093 2.1651565413822915 -0.26740060588384396 0.0090580062247434968 -0.00015438825098048475 1.095786133795171e-006  1619.8223499999999 9.278793024957503 40.247016659623355  V1.0CCalibPolynomial V1.0VectorDouble 7 -187.13829287728979 1229.5172975675982 2.6552402559510124 -0.23495339677085963 0.0064732967625048239 -8.8129665664310602e-005 4.9518053100884656e-007  2093.08617 9.170059977993601 45.750258687793234  V1.0CCalibPolynomial V1.0VectorDouble 7 -149.29163627504141 1218.6656424270118 4.107309664705455 -0.31671333167365345 0.0091463745844021036 -0.00013176011997103376 7.6590043436357008e-007  2465.1983399999999 8.3707825201709785 49.650763740349454  V1.0CCalibPolynomial V1.0VectorDouble 7 -22.311558954040457 1263.8657621155196 -4.259886886738725 0.21030826926196289 -0.0059774552522053638 7.7617531999519442e-005 -3.7456975497694123e-007  3494.6507799999999 10.492854711659739 59.115571383519587  V1.0CCalibPolynomial V1.0VectorDouble 7 0 1 0 0 0 0 0  2465 70.064362448013 2465  V1.0VectorDouble 3 0 -16.800280376364018 0.27780933661647589  0 0 18140.73710267304 18140.73710267304 1287.45 V1.0CCalibPolynomial V1.0VectorDouble 7 -245.14612850925789 1237.9958438408553 2.7831912384813 -0.36960226730087409 0.014066135343762515 -0.00026688591957300679 2.0881125072449739e-006  1287.45 8.3409215770244547 35.881053496239488  V1.0CCalibPolynomial V1.0VectorDouble 7 0 1 0 0 0 0 0  1287.45 36.594062244906425 1287.45  0 0 1 1 1 0 V1.0CLift2CalibrationConstants V3.0CTOFCalibrationConstants 0 0 0 0 0 -1 0 V1.0CCalibPolynomial V1.0VectorDouble 0  0 0 0  V1.0VectorDouble 0  0 0 0 0 0 V1.0CCalibPolynomial V1.0VectorDouble 0  0 0 0  V1.0CCalibPolynomial V1.0VectorDouble 0  0 0 0  0 0 0 0 0 0  > 
##$NTBCalr= <V3.0CCalibrator 10 1 0 0 -2147483648 2147483647  V1.0CHPCData  Order 0 vCoeff V1.0VectorDouble 0  c2 0 c0 0 minMass 0 maxMass 0 bUse 0 endCHPCData V1.0CLift2CalibrationConstants V3.0CTOFCalibrationConstants 25240.999999999996 0.99999999999999989 0 0 0 2 8 V1.0CCalibPolynomial V1.0VectorDouble 7 -251.94604091243315 1239.4679321307053 3.3692283445467983 -0.57352568580555718 0.026954658230011599 -0.0006330326051747423 6.1864040661375021e-006  757.39916000000005 8.3707825201709785 27.52088588690415  V1.0CCalibPolynomial V1.0VectorDouble 7 -252.75499847389761 1238.5089720270962 3.1250449706570915 -0.46067458351645496 0.019672722410202542 -0.00042148484068973616 3.7266885765483169e-006  1046.5418 8.3707825201709785 32.350298298470136  V1.0CCalibPolynomial V1.0VectorDouble 7 -244.73871858207016 1237.9761740001786 2.7719509866449199 -0.36678464017994145 0.013902795386849728 -0.0002626589108516584 2.0461598553020936e-006  1296.68478 8.3707825201709785 36.009509577332487  V1.0CCalibPolynomial V1.0VectorDouble 7 -242.35028135711715 1243.0632591098033 1.1466074823428793 -0.18804439204723181 0.0052025437493039162 -6.4299745536714939e-005 3.179181489830741e-007  1347.73543 8.3707825201709785 36.711516313004559  V1.0CCalibPolynomial V1.0VectorDouble 7 -226.15939170382495 1238.0210452438093 2.1651565413822915 -0.26740060588384396 0.0090580062247434968 -0.00015438825098048475 1.095786133795171e-006  1619.8223499999999 9.278793024957503 40.247016659623355  V1.0CCalibPolynomial V1.0VectorDouble 7 -187.13829287728979 1229.5172975675982 2.6552402559510124 -0.23495339677085963 0.0064732967625048239 -8.8129665664310602e-005 4.9518053100884656e-007  2093.08617 9.170059977993601 45.750258687793234  V1.0CCalibPolynomial V1.0VectorDouble 7 -149.29163627504141 1218.6656424270118 4.107309664705455 -0.31671333167365345 0.0091463745844021036 -0.00013176011997103376 7.6590043436357008e-007  2465.1983399999999 8.3707825201709785 49.650763740349454  V1.0CCalibPolynomial V1.0VectorDouble 7 -22.311558954040457 1263.8657621155196 -4.259886886738725 0.21030826926196289 -0.0059774552522053638 7.7617531999519442e-005 -3.7456975497694123e-007  3494.6507799999999 10.492854711659739 59.115571383519587  V1.0CCalibPolynomial V1.0VectorDouble 7 0 1 0 0 0 0 0  2465 70.064362448013 2465  V1.0VectorDouble 3 0 -16.800280376364018 0.27780933661647589  0 0 18140.73710267304 18140.73710267304 1287.45 V1.0CCalibPolynomial V1.0VectorDouble 7 -245.14612850925789 1237.9958438408553 2.7831912384813 -0.36960226730087409 0.014066135343762515 -0.00026688591957300679 2.0881125072449739e-006  1287.45 8.3409215770244547 35.881053496239488  V1.0CCalibPolynomial V1.0VectorDouble 7 0 1 0 0 0 0 0  1287.45 36.594062244906425 1287.45  0 0 1 1 1 0 V1.0CLift2CalibrationConstants V3.0CTOFCalibrationConstants 0 0 0 0 0 -1 0 V1.0CCalibPolynomial V1.0VectorDouble 0  0 0 0  V1.0VectorDouble 0  0 0 0 0 0 V1.0CCalibPolynomial V1.0VectorDouble 0  0 0 0  V1.0CCalibPolynomial V1.0VectorDouble 0  0 0 0  0 0 0 0 0 0> 
##$OS9PATH= <> 
##$OpId= <bruker> 
##$P= (0..31) 
0 0 0 0 0 0 0 0 
0 0 0 0 0 0 0 0 
0 0 0 0 0 0 0 0 
0 0 0 0 0 0 0 0 
##$PARNM= <> 
##$PATCHNO= <B2> 
##$PATH= <F:\100 fmol BSA\0_B2\1\1287.4500.LIFT\1SRef> 
##$PDELAY= (0..3) 
10 10 10 10 
##$PDURA= (0..3) 
10 10 10 10 
##$PEPURL= <> 
##$PLMSC= (0..2) 
605.471132 2105364.587209 0.08171 
##$PULPROG= <> 
##$PostPr= <> 
##$QS= (0..7) 
83 83 83 83 83 83 83 83 
##$RUNNM= <> 
##$SMOPTS= (0..15) 
0 0 0 0 0 0 0 0 
0 0 0 0 0 0 0 0 
##$SPOTNO= <B2> 
##$TgIDS= <G_C17FDB92_DF87_411C_84A182F3D7531022> 
##$TgSer= <> 
##$TgTyp= <> 
##$VDLIST= <DDDDDDDDDDDDDDD> 
##$VOLTNM= <> 
##$WEND= (0..3) 
30000 30000 30000 30000 
##$WINY= (0..3) 
3 3 3 3 
##$WSTART= (0..3) 
0 0 0 0 
##$Warplc1= <> 
##$Warplc2= <> 
##$XACQVS= <3.0> 
##$Xml1= <> 
##END=

